PATH
  remote: .
  specs:
    amber (0.0.130)

GEM
  remote: https://rubygems.org/
  specs:
    power_assert (1.1.1)
    rake (10.5.0)
    test-unit (3.2.6)
      power_assert

PLATFORMS
  ruby
  x64-mingw32

DEPENDENCIES
  amber!
  bundler (~> 1.16)
  rake (~> 10.0)
  test-unit (~> 3.2.3, ~> 3.2)

BUNDLED WITH
   1.16.1
